GIT
  remote: https://github.com/rubocop/rubocop-md
  revision: f3cabaec0f0b05c813ee6aa185990cf078bd1a2c
  specs:
    rubocop-md (1.0.1)
      rubocop (>= 1.0)

PATH
  remote: .
  specs:
    undrive_google (1.0.0)
      version_gem (~> 1.1, >= 1.1.1)

GEM
  remote: https://rubygems.org/
  specs:
    ast (2.4.2)
    diff-lcs (1.5.0)
    parallel (1.22.1)
    parser (3.1.2.1)
      ast (~> 2.4.1)
    rainbow (3.1.1)
    rake (13.0.6)
    regexp_parser (2.6.0)
    rexml (3.2.5)
    rspec (3.11.0)
      rspec-core (~> 3.11.0)
      rspec-expectations (~> 3.11.0)
      rspec-mocks (~> 3.11.0)
    rspec-block_is_expected (1.0.2)
      rspec-core
    rspec-core (3.11.0)
      rspec-support (~> 3.11.0)
    rspec-expectations (3.11.1)
      diff-lcs (>= 1.2.0, < 2.0)
      rspec-support (~> 3.11.0)
    rspec-mocks (3.11.1)
      diff-lcs (>= 1.2.0, < 2.0)
      rspec-support (~> 3.11.0)
    rspec-support (3.11.1)
    rubocop (1.30.1)
      parallel (~> 1.10)
      parser (>= 3.1.0.0)
      rainbow (>= 2.2.2, < 4.0)
      regexp_parser (>= 1.8, < 3.0)
      rexml (>= 3.2.5, < 4.0)
      rubocop-ast (>= 1.18.0, < 2.0)
      ruby-progressbar (~> 1.7)
      unicode-display_width (>= 1.4.0, < 3.0)
    rubocop-ast (1.23.0)
      parser (>= 3.1.1.0)
    rubocop-lts (22.0.1)
      rubocop-ruby3_1 (~> 1.0.6)
    rubocop-packaging (0.5.1)
      rubocop (>= 0.89, < 2.0)
    rubocop-performance (1.15.0)
      rubocop (>= 1.7.0, < 2.0)
      rubocop-ast (>= 0.4.0)
    rubocop-rake (0.6.0)
      rubocop (~> 1.0)
    rubocop-rspec (2.11.1)
      rubocop (~> 1.19)
    rubocop-ruby3_1 (1.0.6)
      rubocop (~> 1.30.1)
    ruby-progressbar (1.11.0)
    unicode-display_width (2.3.0)
    version_gem (1.1.1)

PLATFORMS
  x86_64-darwin-21

DEPENDENCIES
  rake (~> 13.0)
  rspec (~> 3.0)
  rspec-block_is_expected
  rubocop-lts (~> 22.0)
  rubocop-md!
  rubocop-packaging
  rubocop-performance
  rubocop-rake
  rubocop-rspec
  undrive_google!

BUNDLED WITH
   2.3.24
